PATH
  remote: .
  specs:
    keybase-core (0.1.5)
      faraday (~> 0.9.1)
      scrypt (~> 2.0.0)

GEM
  remote: https://rubygems.org/
  specs:
    addressable (2.3.5)
    coveralls (0.7.0)
      multi_json (~> 1.3)
      rest-client
      simplecov (>= 0.7)
      term-ansicolor
      thor
    crack (0.4.2)
      safe_yaml (~> 1.0.0)
    docile (1.1.3)
    faraday (0.9.1)
      multipart-post (>= 1.2, < 3)
    ffi (1.9.6)
    ffi-compiler (0.1.3)
      ffi (>= 1.0.0)
      rake
    mime-types (2.2)
    minitest (5.3.1)
    multi_json (1.9.2)
    multipart-post (2.0.0)
    rake (10.4.2)
    rest-client (1.6.7)
      mime-types (>= 1.16)
    safe_yaml (1.0.1)
    scrypt (2.0.0)
      ffi-compiler (>= 0.0.2)
      rake
    simplecov (0.8.2)
      docile (~> 1.1.0)
      multi_json
      simplecov-html (~> 0.8.0)
    simplecov-html (0.8.0)
    term-ansicolor (1.3.0)
      tins (~> 1.0)
    thor (0.19.1)
    tins (1.0.1)
    vcr (2.8.0)
    webmock (1.8.11)
      addressable (>= 2.2.7)
      crack (>= 0.1.7)
    yard (0.8.7.4)

PLATFORMS
  ruby

DEPENDENCIES
  coveralls (~> 0.7.0)
  keybase-core!
  minitest (~> 5.3.1)
  simplecov (~> 0.8.2)
  vcr (~> 2.8.0)
  webmock (~> 1.8.0)
  yard (~> 0.8.7.4)
